GEM
  remote: https://rubygems.org/
  specs:
    addressable (2.3.6)
    coffee-script (2.3.0)
      coffee-script-source
      execjs
    coffee-script-source (1.8.0)
    daemons (1.1.9)
    em-websocket (0.3.8)
      addressable (>= 2.1.1)
      eventmachine (>= 0.12.9)
    eventmachine (1.0.4)
    execjs (2.2.2)
    ffi (1.9.6)
    haml (4.0.6)
      tilt
    hidlib (2.0.0.0)
    json (1.8.2)
    libusb (0.5.0)
      ffi (>= 1.0)
    rack (1.6.0)
    rack-protection (1.5.3)
      rack
    sass (3.4.9)
    sinatra (1.4.5)
      rack (~> 1.4)
      rack-protection (~> 1.4)
      tilt (~> 1.3, >= 1.3.4)
    sinatra-websocket (0.3.1)
      em-websocket (~> 0.3.6)
      eventmachine
      thin (>= 1.3.1, < 2.0.0)
    thin (1.6.3)
      daemons (~> 1.0, >= 1.0.9)
      eventmachine (~> 1.0)
      rack (~> 1.0)
    tilt (1.4.1)

PLATFORMS
  ruby

DEPENDENCIES
  coffee-script
  haml
  hidlib
  json
  libusb
  sass
  sinatra
  sinatra-websocket
